GEM
  remote: https://rubygems.org/
  specs:
    bugsnag (6.6.4)
      concurrent-ruby (~> 1.0)
    concurrent-ruby (1.0.5)

PLATFORMS
  ruby

DEPENDENCIES
  bugsnag

BUNDLED WITH
   1.16.1
