GEM
  remote: https://rubygems.org/
  specs:
    bugsnag (6.6.4)
      concurrent-ruby (~> 1.0)
    concurrent-ruby (1.0.5)
    mustermann (1.0.2)
    rack (2.0.4)
    rack-protection (2.0.1)
      rack
    sinatra (2.0.1)
      mustermann (~> 1.0)
      rack (~> 2.0)
      rack-protection (= 2.0.1)
      tilt (~> 2.0)
    tilt (2.0.8)

PLATFORMS
  ruby

DEPENDENCIES
  bugsnag
  sinatra

BUNDLED WITH
   1.16.1
