GEM
  remote: https://rubygems.org/
  specs:
    bugsnag (6.6.4)
      concurrent-ruby (~> 1.0)
    concurrent-ruby (1.0.5)
    rack (2.0.4)

PLATFORMS
  ruby

DEPENDENCIES
  bugsnag
  rack

BUNDLED WITH
   1.16.1
